GEM
  remote: https://rubygems.org/
  specs:
    atk (4.1.6)
      glib2 (= 4.1.6)
    cairo (1.17.8)
      native-package-installer (>= 1.0.3)
      pkg-config (>= 1.2.2)
      red-colors
    cairo-gobject (4.1.6)
      cairo (>= 1.16.2)
      glib2 (= 4.1.6)
    epoll (0.3.0)
    eventmachine (1.0.9)
    ffi (1.15.5)
    fiddle (1.1.1)
    gdk3 (4.1.6)
      cairo-gobject (= 4.1.6)
      gdk_pixbuf2 (= 4.1.6)
      pango (= 4.1.6)
    gdk_pixbuf2 (4.1.6)
      gio2 (= 4.1.6)
    gio2 (4.1.6)
      fiddle
      gobject-introspection (= 4.1.6)
    glib2 (4.1.6)
      native-package-installer (>= 1.0.3)
      pkg-config (>= 1.3.5)
    gobject-introspection (4.1.6)
      glib2 (= 4.1.6)
    gtk3 (4.1.6)
      atk (= 4.1.6)
      gdk3 (= 4.1.6)
    inquirer (0.2.1)
      term-ansicolor (>= 1.2.2)
    matrix (0.4.2)
    native-package-installer (1.1.5)
    pango (4.1.6)
      cairo-gobject (= 4.1.6)
      gobject-introspection (= 4.1.6)
    pastel (0.8.0)
      tty-color (~> 0.5)
    pi_piper (2.0.0)
      eventmachine (= 1.0.9)
      ffi
    pkg-config (1.5.1)
    red-colors (0.3.0)
      matrix
    rpi_gpio (0.5.0)
      epoll (~> 0.3)
    sync (0.5.0)
    term-ansicolor (1.7.1)
      tins (~> 1.0)
    tins (1.32.1)
      sync
    tty-color (0.6.0)
    tty-cursor (0.7.1)
    tty-spinner (0.9.3)
      tty-cursor (~> 0.7)

PLATFORMS
  x86_64-linux

DEPENDENCIES
  gtk3
  inquirer
  pastel
  pi_piper
  rpi_gpio
  tty-spinner

BUNDLED WITH
   2.4.8
